GEM
  specs:
    mail (2.7.0)
      mini_mime (>= 0.1.1)
    mini_mime (1.0.0)
    rack (1.6.5)
    rack-protection (1.5.3)
      rack
    sinatra (1.4.7)
      rack (~> 1.5)
      rack-protection (~> 1.4)
      tilt (>= 1.3, < 3)
    tilt (2.0.8)

PLATFORMS
  ruby

DEPENDENCIES
  mail
  sinatra

BUNDLED WITH
   1.14.3
