GEM
  remote: https://rubygems.org/
  specs:
    coderay (1.1.2)
    dotenv (2.2.1)
    mail (2.7.0)
      mini_mime (>= 0.1.1)
    method_source (0.9.0)
    mini_mime (1.0.0)
    pony (1.12)
      mail (>= 2.0)
    pry (0.11.3)
      coderay (~> 1.1.0)
      method_source (~> 0.9.0)
    rack (1.6.5)
    rack-protection (1.5.3)
      rack
    sinatra (1.4.7)
      rack (~> 1.5)
      rack-protection (~> 1.4)
      tilt (>= 1.3, < 3)
    tilt (2.0.8)

PLATFORMS
  ruby

DEPENDENCIES
  dotenv
  pony
  pry
  sinatra

BUNDLED WITH
   1.14.3
